STORAGE: NONE
NUGET
  remote: https://www.nuget.org/api/v2
    Fable.Core (2.0.3)
      FSharp.Core (>= 4.5.2) - restriction: >= netstandard2.0
    Fable.Elmish (2.0.3)
      Fable.Core (>= 2.0) - restriction: >= netstandard2.0
      Fable.PowerPack (>= 2.0.1) - restriction: >= netstandard2.0
      FSharp.Core (>= 4.5.2) - restriction: >= netstandard2.0
    Fable.Elmish.Browser (2.1)
      Fable.Core (>= 2.0) - restriction: >= netstandard2.0
      Fable.Elmish (>= 2.0) - restriction: >= netstandard2.0
      Fable.Import.Browser (>= 1.3) - restriction: >= netstandard2.0
      FSharp.Core (>= 4.5.2) - restriction: >= netstandard2.0
    Fable.Elmish.Debugger (2.0.2)
      Fable.Core (>= 2.0) - restriction: >= netstandard2.0
      Fable.Elmish (>= 2.0) - restriction: >= netstandard2.0
      FSharp.Core (>= 4.5.2) - restriction: >= netstandard2.0
    Fable.Elmish.HMR (3.0.2)
      Fable.Core (>= 2.0.1) - restriction: >= netstandard2.0
      Fable.Elmish (>= 2.0.3) - restriction: >= netstandard2.0
      Fable.Elmish.Browser (>= 2.1) - restriction: >= netstandard2.0
      Fable.Elmish.React (>= 2.1) - restriction: >= netstandard2.0
      Fable.Import.HMR (>= 0.1) - restriction: >= netstandard2.0
      Fable.React (>= 4.1.3) - restriction: >= netstandard2.0
      FSharp.Core (>= 4.5.2) - restriction: >= netstandard2.0
    Fable.Elmish.React (2.1)
      Fable.Core (>= 2.0) - restriction: >= netstandard2.0
      Fable.Elmish (>= 2.0) - restriction: >= netstandard2.0
      Fable.PowerPack (>= 2.0.1) - restriction: >= netstandard2.0
      Fable.React (>= 4.0.1) - restriction: >= netstandard2.0
      FSharp.Core (>= 4.5.2) - restriction: >= netstandard2.0
    Fable.Import.Browser (1.3)
      Fable.Core (>= 1.3.17) - restriction: >= netstandard1.6
    Fable.Import.HMR (0.1) - restriction: >= netstandard2.0
      Fable.Core (>= 1.3.17) - restriction: >= netstandard1.6
    Fable.PowerPack (3.0)
      Fable.Core (>= 2.0) - restriction: >= netstandard2.0
      Fable.Import.Browser (>= 1.3) - restriction: >= netstandard2.0
      FSharp.Core (>= 4.5.2) - restriction: >= netstandard2.0
      Thoth.Json (>= 2.0) - restriction: >= netstandard2.0
    Fable.React (4.1.3)
      Fable.Core (>= 2.0) - restriction: >= netstandard2.0
      Fable.Import.Browser (>= 1.3) - restriction: >= netstandard2.0
      FSharp.Core (>= 4.5.2) - restriction: >= netstandard2.0
    FSharp.Core (4.5.4) - restriction: >= netstandard2.0
    Fulma (1.0)
      Fable.Core (>= 2.0) - restriction: >= netstandard2.0
      Fable.React (>= 4.0.1) - restriction: >= netstandard2.0
    Fulma.Extensions (1.0)
      Fable.Core (>= 2.0) - restriction: >= netstandard2.0
      Fable.React (>= 4.0.1) - restriction: >= netstandard2.0
      Fulma (>= 1.0) - restriction: >= netstandard2.0
    Thoth.Elmish.Toast (1.0)
      Fable.Core (>= 2.0) - restriction: >= netstandard2.0
      Fable.Elmish (>= 2.0) - restriction: >= netstandard2.0
      Fable.Import.HMR (>= 0.1) - restriction: >= netstandard2.0
      Fable.PowerPack (>= 2.0.1) - restriction: >= netstandard2.0
      Fable.React (>= 4.1.3) - restriction: >= netstandard2.0
      FSharp.Core (>= 4.5.2) - restriction: >= netstandard2.0
    Thoth.Json (2.5)
      Fable.Core (>= 2.0) - restriction: >= netstandard2.0
      FSharp.Core (>= 4.5.2) - restriction: >= netstandard2.0
GITHUB
  remote: fable-compiler/Fable
    src/dotnet/Fable.Repl/Interfaces.fs (f4fa98d6050155f2f87285e49646cf7c9029b3a3)
    src/dotnet/Fable.Repl/Metadata.fs (f4fa98d6050155f2f87285e49646cf7c9029b3a3)
  remote: fable-compiler/fable-import
    Browser.Minimal/Fable.Import.Browser.fs (a98968492d42f5fc8133eefb3a50d7d6c8f3afad)
  remote: alfonsogarciacaro/Thoth
    src/Thoth.Json/Decode.fs (2d5d763a52239dae4b6a9cee5927033120c76307)
    src/Thoth.Json/Encode.fs (2d5d763a52239dae4b6a9cee5927033120c76307)
    src/Thoth.Json/Extra.fs (2d5d763a52239dae4b6a9cee5927033120c76307)
    src/Thoth.Json/Types.fs (2d5d763a52239dae4b6a9cee5927033120c76307)
  remote: fable-compiler/fable-promise
    src/Promise.fs (356e17d54ee72d9d4f385adfd883636a7ac7be67)
    src/PromiseImpl.fs (356e17d54ee72d9d4f385adfd883636a7ac7be67)
  remote: alfonsogarciacaro/Fable.SimpleHttp
    src/Http.fs (30585e612f1c4c13616498cff07a1872a333c421)
  remote: elmish/elmish
    src/cmd.fs (9f0b551882c043e5cc69563e8082386b342dadbc)
    src/prelude.fs (9f0b551882c043e5cc69563e8082386b342dadbc)
    src/program.fs (9f0b551882c043e5cc69563e8082386b342dadbc)
    src/ring.fs (9f0b551882c043e5cc69563e8082386b342dadbc)
  remote: fable-compiler/fable-react
    src/Fable.React/Fable.Helpers.React.fs (e07a6565bfeca60a8c3eb1322d1762b0509466e5)
    src/Fable.React/Fable.Import.React.fs (e07a6565bfeca60a8c3eb1322d1762b0509466e5)
    src/Fable.Recharts/Fable.Recharts.fs (e07a6565bfeca60a8c3eb1322d1762b0509466e5)
  remote: elmish/react
    src/common.fs (9cd6b7084fba255a56b2382cf0b49df420bba8bf)
    src/react.fs (9cd6b7084fba255a56b2382cf0b49df420bba8bf)
  remote: MangelMaxime/Fulma
    FULLPROJECT (f4b330891715f94e9b735cd0ed2f01b7bb13d73d)
      Fable.Core
      Fable.Elmish
      Fable.Elmish.Browser
      Fable.Elmish.Debugger
      Fable.Elmish.HMR
      Fable.Elmish.React
      Fable.PowerPack
      Fable.React
      Thoth.Elmish.Toast
GROUP Build
RESTRICTION: == net46
NUGET
  remote: https://www.nuget.org/api/v2
    FAKE (4.64.13)
    FSharp.Core (4.5.4) - content: none, redirects: force
    Octokit (0.32)
GITHUB
  remote: fsharp/FAKE
    modules/Octokit/Octokit.fsx (457ae4cfb9bb4a39f0eb1352140584d7d04ebe5d)
      Octokit (>= 0.20)
  remote: fable-compiler/fake-helpers
    Fable.FakeHelpers.fs (46b48de9f1b532b63b015a9e2e2b22d150734728)