STORAGE: NONE
RESTRICTION: == netstandard2.0
NUGET
  remote: https://www.nuget.org/api/v2
    Fable.Browser.Blob (1.0)
      Fable.Core (>= 3.0)
      FSharp.Core (>= 4.5.2)
    Fable.Browser.Dom (1.0)
      Fable.Browser.Blob (>= 1.0)
      Fable.Browser.Event (>= 1.0)
      Fable.Browser.WebStorage (>= 1.0)
      Fable.Core (>= 3.0)
      FSharp.Core (>= 4.5.2)
    Fable.Browser.Event (1.0)
      Fable.Core (>= 3.0)
      FSharp.Core (>= 4.5.2)
    Fable.Browser.WebStorage (1.0)
      Fable.Browser.Event (>= 1.0)
      Fable.Core (>= 3.0)
      FSharp.Core (>= 4.5.2)
    Fable.Core (3.0)
      FSharp.Core (>= 4.5.2)
    Fable.Date (1.0)
      Fable.Core (>= 2.0.2)
      FSharp.Core (>= 4.5.2)
    Fable.Elmish (3.0)
      Fable.Core (>= 3.0)
      FSharp.Core (>= 4.6.2)
    Fable.Elmish.Browser (3.0)
      Fable.Browser.Dom (>= 1.0)
      Fable.Core (>= 3.0)
      Fable.Elmish (>= 3.0)
      FSharp.Core (>= 4.6.2)
    Fable.Elmish.HMR (4.0.1)
      Fable.Core (>= 3.0)
      Fable.Elmish.Browser (>= 3.0)
      Fable.Elmish.React (>= 3.0.1)
      FSharp.Core (>= 4.6.2)
    Fable.Elmish.React (3.0.1)
      Fable.Core (>= 3.0)
      Fable.Elmish (>= 3.0)
      Fable.React (>= 5.1)
      FSharp.Core (>= 4.6.2)
    Fable.Fetch (2.0)
      Fable.Browser.Blob (>= 1.0)
      Fable.Core (>= 3.0)
      Fable.Promise (>= 2.0)
      FSharp.Core (>= 4.5.2)
    Fable.FontAwesome (2.0)
      Fable.Core (>= 3.0)
      Fable.React (>= 5.1)
    Fable.FontAwesome.Free (2.0)
      Fable.Core (>= 3.0)
      Fable.FontAwesome (>= 2.0)
      Fable.React (>= 5.1)
    Fable.Promise (2.0)
      Fable.Core (>= 3.0)
      FSharp.Core (>= 4.5.2)
    Fable.React (5.2.3)
      Fable.Browser.Dom (>= 1.0)
      Fable.Core (>= 3.0)
      FSharp.Core (>= 4.6.2)
    FsCheck (2.14)
      FSharp.Core (>= 4.2.3)
    FsCheck.NUnit (2.14)
      FsCheck (2.14)
      NUnit (>= 3.10.1 < 4.0)
    FSharp.Core (4.6.2)
    Fulma (2.1)
      Fable.Core (>= 3.0)
      Fable.React (>= 5.1)
    Fulma.Extensions.Wikiki.Switch (2.0)
      Fable.Core (>= 3.0)
      Fable.React (>= 5.1)
      Fulma (>= 2.0)
    Microsoft.NET.Test.Sdk (16.1)
    Microsoft.NETCore.Platforms (2.2)
    NETStandard.Library (2.0.3)
      Microsoft.NETCore.Platforms (>= 1.1)
    NUnit (3.11)
      NETStandard.Library (>= 2.0)
    NUnit3TestAdapter (3.13)
    SourceLink.Create.CommandLine (2.8.3)
    Thoth.Elmish.Toast (2.0)
      Fable.Core (>= 3.0)
      Fable.Elmish (>= 3.0)
      Fable.Promise (>= 2.0)
      Fable.React (>= 5.1)
      FSharp.Core (>= 4.6.2)
    Thoth.Json (3.1)
      Fable.Core (>= 3.0)
      FSharp.Core (>= 4.6.2)
    Unquote (4.0)
      FSharp.Core (>= 4.2.3)
GITHUB
  remote: thoth-org/Thoth.Json
    FULLPROJECT (647d6f82da84bca2b0659e924e951cd09cba6cc9)
      Fable.Core
      FSharp.Core
  remote: fable-compiler/fable-promise
    FULLPROJECT (e96a1ba7db446d1f12360fbc451814a32dac98a1)
  remote: fable-compiler/fable-fetch
    FULLPROJECT (d5dbc4e97aafe487059f1845b5bbe3206f0aa355)
  remote: fable-compiler/fable-react
    FULLPROJECT (634e0409ccc0d8310e37f778ea6c6e82c67e5fc8)
  remote: fable-compiler/fable-recharts
    FULLPROJECT (94c91b3aa1381e36ea245a92c440ac5611dbf73f)
  remote: elmish/elmish
    FULLPROJECT (69569e39876213e91c283c1c76bbe0fb88fba208)
      Fable.Core
      FsCheck
      FsCheck.NUnit
      FSharp.Core
      Microsoft.NET.Test.Sdk
      nunit
      NUnit3TestAdapter
      SourceLink.Create.CommandLine
      Unquote
  remote: fulma/Fulma
    FULLPROJECT (1e763d852112307370675a0cf692415a53d1993f)
      Fable.Date
      Fable.Elmish.Browser
      Fable.Elmish.React
      Fable.Fetch
      Fable.Promise
GROUP Build
RESTRICTION: == net46
NUGET
  remote: https://www.nuget.org/api/v2
    FAKE (4.64.13)
    FSharp.Core (4.5.4) - content: none, redirects: force
    Octokit (0.32)
GITHUB
  remote: fsharp/FAKE
    modules/Octokit/Octokit.fsx (457ae4cfb9bb4a39f0eb1352140584d7d04ebe5d)
      Octokit (>= 0.20)
  remote: fable-compiler/fake-helpers
    Fable.FakeHelpers.fs (46b48de9f1b532b63b015a9e2e2b22d150734728)